PATH
  remote: .
  specs:
    octicons (4.0.2)
      nokogiri (>= 1.6.3.1)

GEM
  remote: https://rubygems.org/
  specs:
    mini_portile2 (2.3.0)
    minitest (5.10.3)
    nokogiri (1.8.1)
      mini_portile2 (~> 2.3.0)
    rake (12.1.0)

PLATFORMS
  ruby

DEPENDENCIES
  minitest
  octicons!
  rake

BUNDLED WITH
   1.13.6
